GEM
  remote: http://ruby.taobao.org/
  specs:
    activesupport (4.1.0)
      i18n (~> 0.6, >= 0.6.9)
      json (~> 1.7, >= 1.7.7)
      minitest (~> 5.1)
      thread_safe (~> 0.1)
      tzinfo (~> 1.1)
    better_errors (1.1.0)
      coderay (>= 1.0.0)
      erubis (>= 2.6.6)
    binding_of_caller (0.7.2)
      debug_inspector (>= 0.0.1)
    bit-struct (0.15.0)
    coderay (1.1.0)
    debug_inspector (0.0.2)
    erubis (2.7.0)
    hiredis (0.5.2)
    hobbit (0.5.0)
      rack
    hobbit-contrib (0.5.1)
      erubis
      hobbit
      tilt
    httparty (0.13.1)
      json (~> 1.8)
      multi_xml (>= 0.5.2)
    i18n (0.6.9)
    json (1.8.1)
    mini_portile (0.5.3)
    minitest (5.3.3)
    msgpack (0.5.8)
    multi_json (1.9.2)
    multi_xml (0.5.5)
    nido (0.0.1)
    nokogiri (1.6.1)
      mini_portile (~> 0.5.0)
    ohm (2.0.0)
      msgpack
      nido
      redic
    ohm-contrib (2.0.0)
      ohm (~> 2.0.0)
    oj (2.8.1)
    puma (2.8.2)
      rack (>= 1.1, < 2.0)
    rabl (0.9.3)
      activesupport (>= 2.3.14)
    rack (1.5.2)
    rack-contrib (1.1.0)
      rack (>= 0.9.1)
    rack-test (0.6.2)
      rack (>= 1.0)
    racksh (1.0.0)
      rack (>= 1.0)
      rack-test (>= 0.5)
    redic (1.1.1)
      hiredis
    roo (1.13.2)
      nokogiri
      rubyzip
      spreadsheet (> 0.6.4)
    ruby-ole (1.2.11.7)
    ruby-protocol-buffers (1.5.1)
    rubyzip (1.1.3)
    spreadsheet (0.9.7)
      ruby-ole (>= 1.0)
    thread_safe (0.3.3)
    tilt (2.0.1)
    tzinfo (1.1.0)
      thread_safe (~> 0.1)

PLATFORMS
  ruby

DEPENDENCIES
  better_errors
  binding_of_caller
  bit-struct
  hiredis
  hobbit
  hobbit-contrib
  httparty
  i18n
  multi_json
  ohm
  ohm-contrib
  oj
  puma
  rabl
  rack
  rack-contrib
  racksh
  roo
  ruby-protocol-buffers
